GIT
  remote: https://github.com/chrisk/fakeweb.git
  revision: 2b08c1ff2714ec13a12f3497d67fcefce95c2cbe
  specs:
    fakeweb (1.3.0)

PATH
  remote: .
  specs:
    opentransact (0.1.2)
      multi_json
      multi_xml
      oauth (~> 0.5.4)

GEM
  remote: http://rubygems.org/
  specs:
    configuration (1.2.0)
    diff-lcs (1.1.3)
    fuubar (1.2.1)
      rspec (~> 2.0)
      rspec-instafail (~> 0.2.0)
      ruby-progressbar (~> 1.0)
    growl (1.0.3)
    guard (0.2.2)
      open_gem (~> 1.4.2)
      thor (~> 0.14.3)
    guard-rspec (0.1.9)
      guard (>= 0.2.2)
    launchy (0.3.7)
      configuration (>= 0.0.5)
      rake (>= 0.8.1)
    multi_json (1.13.1)
    multi_xml (0.6.0)
    oauth (0.5.4)
    open_gem (1.4.2)
      launchy (~> 0.3.5)
    rake (0.8.7)
    rspec (2.4.0)
      rspec-core (~> 2.4.0)
      rspec-expectations (~> 2.4.0)
      rspec-mocks (~> 2.4.0)
    rspec-core (2.4.0)
    rspec-expectations (2.4.0)
      diff-lcs (~> 1.1.2)
    rspec-instafail (0.2.6)
      rspec
    rspec-mocks (2.4.0)
    ruby-progressbar (1.9.0)
    thor (0.14.6)

PLATFORMS
  ruby

DEPENDENCIES
  fakeweb!
  fuubar
  growl
  guard-rspec
  opentransact!
  rspec (~> 2.4.0)

BUNDLED WITH
   1.16.2
