PATH
  remote: .
  specs:
    opentransact (1.0.0.pre)
      multi_json
      multi_xml
      rack-oauth2

GEM
  remote: http://rubygems.org/
  specs:
    activesupport (3.1.3)
      multi_json (~> 1.0)
    attr_required (0.0.3)
    diff-lcs (1.1.3)
    fakeweb (1.3.0)
    ffi (1.0.11)
    fuubar (0.0.6)
      rspec (~> 2.0)
      rspec-instafail (~> 0.1.8)
      ruby-progressbar (~> 0.0.10)
    growl (1.0.3)
    guard (0.10.0)
      ffi (>= 0.5.0)
      thor (~> 0.14.6)
    guard-rspec (0.6.0)
      guard (>= 0.10.0)
    httpclient (2.2.4)
    i18n (0.6.0)
    json (1.6.5)
    multi_json (1.0.4)
    multi_xml (0.4.1)
    rack (1.4.0)
    rack-oauth2 (0.11.0)
      activesupport (>= 2.3)
      attr_required (>= 0.0.3)
      httpclient (>= 2.2.0.2)
      i18n
      json (>= 1.4.3)
      rack (>= 1.1)
    rspec (2.8.0)
      rspec-core (~> 2.8.0)
      rspec-expectations (~> 2.8.0)
      rspec-mocks (~> 2.8.0)
    rspec-core (2.8.0)
    rspec-expectations (2.8.0)
      diff-lcs (~> 1.1.2)
    rspec-instafail (0.1.9)
    rspec-mocks (2.8.0)
    ruby-progressbar (0.0.10)
    thor (0.14.6)

PLATFORMS
  ruby

DEPENDENCIES
  fakeweb
  fuubar
  growl
  guard-rspec
  opentransact!
  rspec (~> 2.8.0)
